GEM
  remote: https://rubygems.org/
  specs:
    ast (2.4.2)
    parser (3.2.2.1)
      ast (~> 2.4.1)

PLATFORMS
  x86_64-darwin-22

DEPENDENCIES
  parser

BUNDLED WITH
   2.4.1
